GEM
  remote: https://rubygems.org/
  specs:
    homesick (1.1.6)
      thor (>= 0.14.0)
    msgpack (1.2.4)
    multi_json (1.13.1)
    neovim (0.7.0)
      msgpack (~> 1.1)
      multi_json (~> 1.0)
    rake (12.3.0)
    thor (0.20.0)

PLATFORMS
  ruby

DEPENDENCIES
  bundler
  homesick
  neovim
  rake

BUNDLED WITH
   1.16.1
